GEM
  remote: https://rubygems.org/
  specs:
    binding_of_caller (0.7.2)
      debug_inspector (>= 0.0.1)
    coderay (1.1.0)
    debug_inspector (0.0.2)
    dotenv (0.9.0)
    interception (0.4)
    method_source (0.8.2)
    nestful (1.0.7)
    parallel (0.9.2)
    pry (0.9.12.6)
      coderay (~> 1.0)
      method_source (~> 0.8)
      slop (~> 3.4)
    pry-rescue (1.3.1)
      interception (>= 0.4)
      pry
    pry-stack_explorer (0.4.9.1)
      binding_of_caller (>= 0.7)
      pry (>= 0.9.11)
    ruby-progressbar (1.4.1)
    slop (3.4.7)
    sourcing (0.0.5)
      nestful (~> 1.0.7)

PLATFORMS
  ruby

DEPENDENCIES
  dotenv
  parallel
  pry
  pry-rescue
  pry-stack_explorer
  ruby-progressbar
  sourcing
