GEM
  remote: https://rubygems.org/
  specs:
    coderay (1.1.0)
    dotenv (0.9.0)
    method_source (0.8.2)
    nestful (1.0.7)
    pry (0.9.12.6)
      coderay (~> 1.0)
      method_source (~> 0.8)
      slop (~> 3.4)
    slop (3.4.7)
    sourcing (0.0.5)
      nestful (~> 1.0.7)

PLATFORMS
  ruby

DEPENDENCIES
  dotenv
  pry
  sourcing
